GIT
  remote: https://github.com/appdax/scraper-gem.git
  revision: 5c6f6ab096923b91051469e3aaabe61675c4861b
  specs:
    appdax-scraper (0.1.0)
      json
      typhoeus (~> 1.0)

GEM
  remote: https://rubygems.org/
  specs:
    addressable (2.4.0)
    chronic (0.10.2)
    codeclimate-test-reporter (0.6.0)
      simplecov (>= 0.7.1, < 1.0.0)
    coderay (1.1.1)
    crack (0.4.3)
      safe_yaml (~> 1.0.0)
    diff-lcs (1.2.5)
    docile (1.1.5)
    ethon (0.9.0)
      ffi (>= 1.3.0)
    fakefs (0.9.0)
    ffi (1.9.11)
    hashdiff (0.3.0)
    json (2.0.1)
    method_source (0.8.2)
    pry (0.10.3)
      coderay (~> 1.1.0)
      method_source (~> 0.8.1)
      slop (~> 3.4)
    pry-nav (0.2.4)
      pry (>= 0.9.10, < 0.11.0)
    rake (11.2.2)
    rspec (3.5.0)
      rspec-core (~> 3.5.0)
      rspec-expectations (~> 3.5.0)
      rspec-mocks (~> 3.5.0)
    rspec-core (3.5.0)
      rspec-support (~> 3.5.0)
    rspec-expectations (3.5.0)
      diff-lcs (>= 1.2.0, < 2.0)
      rspec-support (~> 3.5.0)
    rspec-mocks (3.5.0)
      diff-lcs (>= 1.2.0, < 2.0)
      rspec-support (~> 3.5.0)
    rspec-support (3.5.0)
    safe_yaml (1.0.4)
    simplecov (0.12.0)
      docile (~> 1.1.0)
      json (>= 1.8, < 3)
      simplecov-html (~> 0.10.0)
    simplecov-html (0.10.0)
    slop (3.6.0)
    timecop (0.8.1)
    typhoeus (1.0.2)
      ethon (>= 0.9.0)
    webmock (2.1.0)
      addressable (>= 2.3.6)
      crack (>= 0.3.2)
      hashdiff
    whenever (0.9.7)
      chronic (>= 0.6.3)

PLATFORMS
  ruby

DEPENDENCIES
  appdax-scraper!
  codeclimate-test-reporter
  fakefs (~> 0.8)
  pry-nav
  rake (~> 11.1)
  rspec (~> 3.4)
  simplecov
  timecop (~> 0.8)
  webmock (~> 2.0)
  whenever (~> 0.9)

BUNDLED WITH
   1.12.5
